GEM
  remote: https://rubygems.org/
  specs:
    json (2.6.3)
    minitest (5.22.2)

PLATFORMS
  ruby

DEPENDENCIES
  json
  minitest

RUBY VERSION
   ruby 2.7.2p137

BUNDLED WITH
   2.1.4
